GEM
  remote: https://rubygems.org/
  specs:
    bson (4.3.0)
    byebug (10.0.0)
    coderay (1.1.2)
    faraday (0.14.0)
      multipart-post (>= 1.2, < 3)
    jwt (2.1.0)
    method_source (0.9.0)
    mini_portile2 (2.3.0)
    mongo (2.5.1)
      bson (>= 4.3.0, < 5.0.0)
    multipart-post (2.0.0)
    mustermann (1.0.2)
    nokogiri (1.8.2)
      mini_portile2 (~> 2.3.0)
    pry (0.11.3)
      coderay (~> 1.1.0)
      method_source (~> 0.9.0)
    pry-byebug (3.6.0)
      byebug (~> 10.0)
      pry (~> 0.10)
    rack (2.0.4)
    rack-protection (2.0.1)
      rack
    sinatra (2.0.1)
      mustermann (~> 1.0)
      rack (~> 2.0)
      rack-protection (= 2.0.1)
      tilt (~> 2.0)
    tilt (2.0.8)
    twilio-ruby (5.6.4)
      faraday (~> 0.9)
      jwt (>= 1.5, <= 2.5)
      nokogiri (>= 1.6, < 2.0)

PLATFORMS
  ruby

DEPENDENCIES
  mongo
  pry
  pry-byebug
  sinatra
  twilio-ruby

RUBY VERSION
   ruby 2.3.5p376

BUNDLED WITH
   1.16.1
